GEM
  remote: https://rubygems.org/
  specs:
    RingyDingy (1.6)
    cheat (1.3.3)
      pager (~> 1.0)
    colored (1.2)
    pager (1.0.1)

PLATFORMS
  ruby

DEPENDENCIES
  RingyDingy
  cheat
  colored
